PATH
  remote: .
  specs:
    checklinks (1.0.0)

GEM
  remote: https://rubygems.org/
  specs:

PLATFORMS
  ruby

DEPENDENCIES
  checklinks!

BUNDLED WITH
   1.17.3
